GEM
  remote: https://rubygems.org/
  specs:
    chunky_png (1.3.6)
    ffi (1.9.14)
    freetype (0.0.6)
      ffi
    kramdown (1.13.2)
    text2svg (0.5.1)
      freetype (>= 0.0.6)

PLATFORMS
  ruby

DEPENDENCIES
  chunky_png
  kramdown
  text2svg

BUNDLED WITH
   1.13.7
